GEM
  remote: https://rubygems.org/
  specs:
    cgi (0.4.2)
    erb (4.0.4)
      cgi (>= 0.3.3)
    mysql2 (0.5.6)
    securerandom (0.4.1)
    webrick (1.9.1)

PLATFORMS
  aarch64-linux

DEPENDENCIES
  erb
  mysql2
  securerandom
  webrick

BUNDLED WITH
   2.4.19
